GEM
  remote: https://rubygems.org/
  specs:
    awesome_print (1.8.0)
    byebug (10.0.2)
    coderay (1.1.2)
    method_source (0.9.1)
    pry (0.12.0)
      coderay (~> 1.1.0)
      method_source (~> 0.9.0)
    pry-byebug (3.6.0)
      byebug (~> 10.0)
      pry (~> 0.10)
    rbczmq (1.7.9)
    ruby-dbus (0.15.0)

PLATFORMS
  ruby

DEPENDENCIES
  awesome_print
  pry-byebug
  rbczmq
  ruby-dbus

RUBY VERSION
   ruby 2.4.0p0

BUNDLED WITH
   1.16.2
